PATH
  remote: .
  specs:
    facteur (2.0.0)
      activerecord (~> 3.2.9)
      mongoid (~> 3.0.0)

GEM
  remote: http://rubygems.org/
  specs:
    activemodel (3.2.9)
      activesupport (= 3.2.9)
      builder (~> 3.0.0)
    activerecord (3.2.9)
      activemodel (= 3.2.9)
      activesupport (= 3.2.9)
      arel (~> 3.0.2)
      tzinfo (~> 0.3.29)
    activesupport (3.2.9)
      i18n (~> 0.6)
      multi_json (~> 1.0)
    arel (3.0.2)
    awesome_print (0.3.2)
    builder (3.0.4)
    diff-lcs (1.1.2)
    fuubar (0.0.6)
      rspec (~> 2.0)
      rspec-instafail (~> 0.1.8)
      ruby-progressbar (~> 0.0.10)
    i18n (0.6.1)
    mongoid (3.0.15)
      activemodel (~> 3.1)
      moped (~> 1.1)
      origin (~> 1.0)
      tzinfo (~> 0.3.22)
    moped (1.3.2)
    multi_json (1.5.0)
    origin (1.0.11)
    rake (10.0.3)
    rspec (2.5.0)
      rspec-core (~> 2.5.0)
      rspec-expectations (~> 2.5.0)
      rspec-mocks (~> 2.5.0)
    rspec-core (2.5.1)
    rspec-expectations (2.5.0)
      diff-lcs (~> 1.1.2)
    rspec-instafail (0.1.9)
    rspec-mocks (2.5.0)
    ruby-progressbar (0.0.10)
    sqlite3 (1.3.6)
    sqlite3 (1.3.6-x86-mingw32)
    tzinfo (0.3.35)

PLATFORMS
  ruby
  x86-mingw32

DEPENDENCIES
  awesome_print (~> 0.3.2)
  facteur!
  fuubar (~> 0.0.4)
  rake (~> 10.0.2)
  rspec (~> 2.5.0)
  sqlite3 (~> 1.3.3)
